GEM
  remote: https://rubygems.org/
  specs:
    rake (13.0.3)
    ruby-debug-ide (0.7.2)
      rake (>= 0.8.1)

PLATFORMS
  x86_64-linux

DEPENDENCIES
  ruby-debug-ide

BUNDLED WITH
   2.2.3
