GEM
  remote: https://rubygems.org/
  specs:
    diff-lcs (1.4.4)
    rake (13.0.3)
    rspec (3.10.0)
      rspec-core (~> 3.10.0)
      rspec-expectations (~> 3.10.0)
      rspec-mocks (~> 3.10.0)
    rspec-core (3.10.1)
      rspec-support (~> 3.10.0)
    rspec-expectations (3.10.1)
      diff-lcs (>= 1.2.0, < 2.0)
      rspec-support (~> 3.10.0)
    rspec-mocks (3.10.2)
      diff-lcs (>= 1.2.0, < 2.0)
      rspec-support (~> 3.10.0)
    rspec-support (3.10.2)
    ruby-debug-ide (0.7.2)
      rake (>= 0.8.1)

PLATFORMS
  x86_64-linux

DEPENDENCIES
  rspec
  ruby-debug-ide

BUNDLED WITH
   2.2.3
